PATH
  remote: .
  specs:
    metriks-sematext (0.0.1)
      metriks (~> 0.9.9.4)
      sematext-metrics (~> 0.0.1.1)

GEM
  remote: https://rubygems.org/
  specs:
    atomic (1.1.9)
    avl_tree (1.1.3)
    hitimes (1.2.1)
    httparty (0.11.0)
      multi_json (~> 1.0)
      multi_xml (>= 0.5.2)
    metaclass (0.0.1)
    metriks (0.9.9.4)
      atomic (~> 1.0)
      avl_tree (~> 1.1.2)
      hitimes (~> 1.1)
    mocha (0.14.0)
      metaclass (~> 0.0.1)
    multi_json (1.7.6)
    multi_xml (0.5.4)
    rake (10.0.4)
    sematext-metrics (0.0.1.1)
      httparty (~> 0.11.0)

PLATFORMS
  ruby

DEPENDENCIES
  bundler (~> 1.3)
  metriks-sematext!
  mocha (~> 0.10)
  rake
